GEM
  remote: https://rubygems.org/
  specs:
    dotenv (0.10.0)
    foreman (0.63.0)
      dotenv (>= 0.7)
      thor (>= 0.13.6)
    mustermann (0.2.0)
    pg (0.17.1)
    puma (2.8.1)
      rack (>= 1.1, < 2.0)
    rack (1.5.2)
    rack-protection (1.5.2)
      rack
    sequel (4.9.0)
    sequel_pg (1.6.9)
      pg (>= 0.8.0)
      sequel (>= 3.39.0)
    sinatra (1.4.4)
      rack (~> 1.4)
      rack-protection (~> 1.4)
      tilt (~> 1.3, >= 1.3.4)
    slim (2.0.2)
      temple (~> 0.6.6)
      tilt (>= 1.3.3, < 2.1)
    temple (0.6.7)
    thor (0.18.1)
    tilt (1.4.1)

PLATFORMS
  ruby

DEPENDENCIES
  foreman
  mustermann
  puma
  sequel
  sequel_pg
  sinatra
  slim
